PATH
  remote: .
  specs:
    bullet_train-http_filter (0.1)
      addressable (~> 2.5)

GEM
  remote: https://rubygems.org/
  specs:
    activesupport (7.0.3.1)
      concurrent-ruby (~> 1.0, >= 1.0.2)
      i18n (>= 1.6, < 2)
      minitest (>= 5.1)
      tzinfo (~> 2.0)
    addressable (2.8.0)
      public_suffix (>= 2.0.2, < 5.0)
    concurrent-ruby (1.1.10)
    i18n (1.12.0)
      concurrent-ruby (~> 1.0)
    minitest (5.16.2)
    public_suffix (4.0.7)
    tzinfo (2.0.5)
      concurrent-ruby (~> 1.0)

PLATFORMS
  ruby

DEPENDENCIES
  activesupport
  bullet_train-http_filter!

BUNDLED WITH
   2.1.4
